GEM
  remote: http://rubygems.org/
  specs:
    minitest (2.6.1)
    rake (0.9.2)

PLATFORMS
  ruby

DEPENDENCIES
  minitest
  rake
